GEM
  remote: https://rubygems.org/
  specs:
    bcrypt (3.1.15)
    erubis (2.7.0)
    minitest (5.14.1)
    multi_json (1.15.0)
    mustermann (2.0.2)
      ruby2_keywords (~> 0.0.1)
    rack (2.2.4)
    rack-protection (2.2.3)
      rack
    rack-test (1.1.0)
      rack (>= 1.0, < 3)
    redcarpet (3.5.0)
    ruby2_keywords (0.0.5)
    sinatra (2.2.3)
      mustermann (~> 2.0)
      rack (~> 2.2)
      rack-protection (= 2.2.3)
      tilt (~> 2.0)
    sinatra-contrib (2.2.3)
      multi_json
      mustermann (~> 2.0)
      rack-protection (= 2.2.3)
      sinatra (= 2.2.3)
      tilt (~> 2.0)
    tilt (2.0.11)
    yaml (0.1.0)

PLATFORMS
  ruby

DEPENDENCIES
  bcrypt
  erubis
  minitest
  rack-test
  redcarpet
  sinatra
  sinatra-contrib
  yaml

BUNDLED WITH
   2.1.4
