GEM
  remote: https://rubygems.org/
  specs:
    coderay (1.1.3)
    method_source (1.0.0)
    pry (0.13.1)
      coderay (~> 1.1)
      method_source (~> 1.0)
    rack (2.0.9)

PLATFORMS
  ruby

DEPENDENCIES
  pry
  rack (~> 2.0.1)

BUNDLED WITH
   2.1.4
